GEM
  remote: https://rubygems.org/
  specs:
    jemalloc (1.0.1)
    jwt (1.5.6)
    puma (3.8.2)
    rack (1.6.11)
    rack-protection (1.5.3)
      rack
    sinatra (1.4.8)
      rack (~> 1.5)
      rack-protection (~> 1.4)
      tilt (>= 1.3, < 3)
    tilt (2.0.7)

PLATFORMS
  ruby

DEPENDENCIES
  jemalloc
  jwt
  puma
  sinatra

BUNDLED WITH
   1.16.3
